PATH
  remote: .
  specs:
    boxlet (0.2.7)
      ImageResize (~> 0.0.5)
      aws-sdk (~> 1.58.0)
      bson_ext (~> 1.10, >= 1.10.2)
      mongo (~> 1.10, >= 1.10.2)
      multi_json (~> 1.10, >= 1.10.1)
      rack (~> 1.5.2)
      rack-contrib (~> 1.1.0)
      sys-filesystem (~> 1.1, >= 1.1.2)
      thin (~> 1.6)

GEM
  remote: https://rubygems.org/
  specs:
    ImageResize (0.0.5)
    aws-sdk (1.58.0)
      aws-sdk-v1 (= 1.58.0)
    aws-sdk-v1 (1.58.0)
      json (~> 1.4)
      nokogiri (>= 1.4.4)
    bson (1.10.2)
    bson_ext (1.10.2)
      bson (~> 1.10.2)
    daemons (1.1.9)
    eventmachine (1.0.4)
    ffi (1.9.3)
    json (1.8.2)
    mini_portile (0.6.2)
    mongo (1.10.2)
      bson (= 1.10.2)
    multi_json (1.10.1)
    nokogiri (1.6.6.2)
      mini_portile (~> 0.6.0)
    rack (1.5.2)
    rack-contrib (1.1.0)
      rack (>= 0.9.1)
    rake (10.4.2)
    sys-filesystem (1.1.2)
      ffi
    thin (1.6.3)
      daemons (~> 1.0, >= 1.0.9)
      eventmachine (~> 1.0)
      rack (~> 1.0)

PLATFORMS
  ruby

DEPENDENCIES
  boxlet!
  bundler (~> 1.3)
  rake (~> 10.3)

BUNDLED WITH
   1.10.6
